GIT
  remote: https://github.com/hcatlin/apartment
  revision: f6424af87cee9b124a43a6f9ba449c5e3d0f9e11
  specs:
    apartment (2.2.1)
      activerecord (>= 3.1.2, < 6.0)
      parallel (>= 0.7.1)
      public_suffix (>= 2)
      rack (>= 1.3.6)

GIT
  remote: https://github.com/kcpatel006/ebay4r.git
  revision: 464fb8f7c3222d67853f23f95b3bfc6bbee6975a
  specs:
    ebay (1.1)

GIT
  remote: https://github.com/kcpatel006/ruby-mws.git
  revision: 8dd63bf0b596bc624990f6c4ccec62273d103f38
  specs:
    ruby-mws (0.0.8)
      hashie
      httparty
      nokogiri
      rash
      ruby-hmac

GIT
  remote: https://github.com/navaratan-tech/soap4r.git
  revision: 494efdc585c8b08be36f6bc0c6e315431bf7c437
  specs:
    soap2r (1.5.9)
      httpclient (>= 2.5.1)

GIT
  remote: https://github.com/svisamsetty/mws.git
  revision: 26d17c69249709604389fed68ab3cc9fed8bf4d4
  specs:
    mws-connect (0.0.7)
      logging (~> 1.8.0)
      nokogiri (~> 1.6.0)

GEM
  remote: http://rubygems.org/
  specs:
    Ascii85 (1.1.0)
    CFPropertyList (2.3.6)
    actioncable (5.2.6)
      actionpack (= 5.2.6)
      nio4r (~> 2.0)
      websocket-driver (>= 0.6.1)
    actionmailer (5.2.6)
      actionpack (= 5.2.6)
      actionview (= 5.2.6)
      activejob (= 5.2.6)
      mail (~> 2.5, >= 2.5.4)
      rails-dom-testing (~> 2.0)
    actionpack (5.2.6)
      actionview (= 5.2.6)
      activesupport (= 5.2.6)
      rack (~> 2.0, >= 2.0.8)
      rack-test (>= 0.6.3)
      rails-dom-testing (~> 2.0)
      rails-html-sanitizer (~> 1.0, >= 1.0.2)
    actionview (5.2.6)
      activesupport (= 5.2.6)
      builder (~> 3.1)
      erubi (~> 1.4)
      rails-dom-testing (~> 2.0)
      rails-html-sanitizer (~> 1.0, >= 1.0.3)
    activejob (5.2.6)
      activesupport (= 5.2.6)
      globalid (>= 0.3.6)
    activemodel (5.2.6)
      activesupport (= 5.2.6)
    activerecord (5.2.6)
      activemodel (= 5.2.6)
      activesupport (= 5.2.6)
      arel (>= 9.0)
    activerecord-import (0.26.0)
      activerecord (>= 3.2)
    activestorage (5.2.6)
      actionpack (= 5.2.6)
      activerecord (= 5.2.6)
      marcel (~> 1.0.0)
    activesupport (5.2.6)
      concurrent-ruby (~> 1.0, >= 1.0.2)
      i18n (>= 0.7, < 2)
      minitest (~> 5.1)
      tzinfo (~> 1.1)
    addressable (2.8.5)
      public_suffix (>= 2.0.2, < 6.0)
    afm (0.2.2)
    ahoy_matey (2.2.1)
      addressable
      browser (~> 2.0)
      device_detector
      geocoder (>= 1.4.5)
      railties (>= 4.2)
      referer-parser (>= 0.3)
      request_store
      safely_block (>= 0.2.1)
      user_agent_parser
    akami (1.3.1)
      gyoku (>= 0.4.0)
      nokogiri
    aliyun-sdk (0.8.0)
      nokogiri (~> 1.6)
      rest-client (~> 2.0)
    angular-ui-bootstrap-rails (2.4.0)
    angularjs-rails (1.8.0)
    appsignal (3.3.11)
      rack
    arel (9.0.0)
    ast (2.4.2)
    aws-eventstream (1.2.0)
    aws-sdk (2.11.632)
      aws-sdk-resources (= 2.11.632)
    aws-sdk-core (2.11.632)
      aws-sigv4 (~> 1.0)
      jmespath (~> 1.0)
    aws-sdk-resources (2.11.632)
      aws-sdk-core (= 2.11.632)
    aws-sigv4 (1.6.1)
      aws-eventstream (~> 1, >= 1.0.2)
    aws_cf_signer (0.1.3)
    backports (2.3.0)
    barby (0.6.8)
    bcrypt (3.1.19)
    better_errors (2.10.1)
      erubi (>= 1.0.0)
      rack (>= 0.9.0)
      rouge (>= 1.0.0)
    binding_of_caller (1.0.0)
      debug_inspector (>= 0.0.1)
    browser (2.7.1)
    builder (3.2.4)
    bullet (7.1.2)
      activesupport (>= 3.0.0)
      uniform_notifier (~> 1.11)
    byebug (11.1.3)
    capistrano (2.15.11)
      highline
      net-scp (>= 1.0.0)
      net-sftp (>= 2.0.0)
      net-ssh (>= 2.0.14)
      net-ssh-gateway (>= 1.1.0)
    capybara (2.18.0)
      addressable
      mini_mime (>= 0.1.3)
      nokogiri (>= 1.3.3)
      rack (>= 1.0.0)
      rack-test (>= 0.5.4)
      xpath (>= 2.0, < 4.0)
    carrierwave (2.2.4)
      activemodel (>= 5.0.0)
      activesupport (>= 5.0.0)
      addressable (~> 2.6)
      image_processing (~> 1.1)
      marcel (~> 1.0.0)
      mini_mime (>= 0.1.3)
      ssrf_filter (~> 1.0)
    carrierwave_direct (3.0.0)
      carrierwave (>= 2.2.0)
      fog-aws
    character_set (1.7.0)
    chronic (0.10.2)
    chunky_png (1.4.0)
    clamp (1.3.2)
    client_side_validations (12.1.0)
      jquery-rails (~> 4.3)
      js_regex (~> 3.1)
      rails (>= 5.0.0.1, <= 6.0.0.beta1)
    client_side_validations-simple_form (6.8.0)
      client_side_validations (>= 9.3.2, < 13)
      simple_form (>= 3.5, < 5)
    codeclimate-test-reporter (1.0.9)
      simplecov (<= 0.13)
    coderay (1.1.3)
    colorize (1.1.0)
    concurrent-ruby (1.2.2)
    country_select (1.2.0)
    crack (0.4.5)
      rexml
    crass (1.0.6)
    cucumber (8.0.0)
      builder (~> 3.2, >= 3.2.4)
      cucumber-ci-environment (~> 9.0, >= 9.0.4)
      cucumber-core (~> 11.0, >= 11.0.0)
      cucumber-cucumber-expressions (~> 15.1, >= 15.1.1)
      cucumber-gherkin (~> 23.0, >= 23.0.1)
      cucumber-html-formatter (~> 19.1, >= 19.1.0)
      cucumber-messages (~> 18.0, >= 18.0.0)
      diff-lcs (~> 1.5, >= 1.5.0)
      mime-types (~> 3.4, >= 3.4.1)
      multi_test (~> 1.1, >= 1.1.0)
      sys-uname (~> 1.2, >= 1.2.2)
    cucumber-ci-environment (9.2.0)
    cucumber-core (11.0.0)
      cucumber-gherkin (~> 23.0, >= 23.0.1)
      cucumber-messages (~> 18.0, >= 18.0.0)
      cucumber-tag-expressions (~> 4.1, >= 4.1.0)
    cucumber-cucumber-expressions (15.2.0)
    cucumber-gherkin (23.0.1)
      cucumber-messages (~> 18.0, >= 18.0.0)
    cucumber-html-formatter (19.2.0)
      cucumber-messages (~> 18.0, >= 18.0.0)
    cucumber-messages (18.0.0)
    cucumber-rails (1.4.0)
      capybara (>= 1.1.2)
      cucumber (>= 1.2.0)
      nokogiri (>= 1.5.0)
      rails (>= 3.0.0)
    cucumber-tag-expressions (4.1.0)
    daemons (1.4.1)
    database_cleaner (2.0.2)
      database_cleaner-active_record (>= 2, < 3)
    database_cleaner-active_record (2.1.0)
      activerecord (>= 5.a)
      database_cleaner-core (~> 2.0.0)
    database_cleaner-core (2.0.1)
    date (3.3.3)
    debug_inspector (1.1.0)
    delayed_job (4.1.11)
      activesupport (>= 3.0, < 8.0)
    delayed_job_active_record (4.1.8)
      activerecord (>= 3.0, < 8.0)
      delayed_job (>= 3.0, < 5)
    delayed_job_web (1.4.4)
      activerecord (> 3.0.0)
      delayed_job (> 2.0.3)
      rack-protection (>= 1.5.5)
      sinatra (>= 1.4.4)
    device_detector (1.0.7)
    devise (4.9.3)
      bcrypt (~> 3.0)
      orm_adapter (~> 0.1)
      railties (>= 4.1.0)
      responders
      warden (~> 1.2.3)
    diff-lcs (1.5.0)
    docile (1.1.5)
    domain_name (0.5.20190701)
      unf (>= 0.0.5, < 1.0.0)
    doorkeeper (5.0.3)
      railties (>= 4.2)
    dotenv (2.8.1)
    dotenv-rails (2.8.1)
      dotenv (= 2.8.1)
      railties (>= 3.2)
    dry-inflector (0.2.1)
    email_spec (2.2.2)
      htmlentities (~> 4.3.3)
      launchy (~> 2.1)
      mail (~> 2.7)
    errbase (0.2.2)
    erubi (1.12.0)
    excon (0.104.0)
    execjs (2.9.1)
    factory_bot (6.2.1)
      activesupport (>= 5.0.0)
    factory_bot_rails (6.2.0)
      factory_bot (~> 6.2.0)
      railties (>= 5.0.0)
    faraday (1.10.3)
      faraday-em_http (~> 1.0)
      faraday-em_synchrony (~> 1.0)
      faraday-excon (~> 1.1)
      faraday-httpclient (~> 1.0)
      faraday-multipart (~> 1.0)
      faraday-net_http (~> 1.0)
      faraday-net_http_persistent (~> 1.0)
      faraday-patron (~> 1.0)
      faraday-rack (~> 1.0)
      faraday-retry (~> 1.0)
      ruby2_keywords (>= 0.0.4)
    faraday-em_http (1.0.0)
    faraday-em_synchrony (1.0.0)
    faraday-excon (1.1.0)
    faraday-httpclient (1.0.1)
    faraday-multipart (1.0.4)
      multipart-post (~> 2)
    faraday-net_http (1.0.1)
    faraday-net_http_persistent (1.2.0)
    faraday-patron (1.0.0)
    faraday-rack (1.0.0)
    faraday-retry (1.0.3)
    faraday_middleware (1.2.0)
      faraday (~> 1.0)
    ffi (1.16.3)
    figaro (1.2.0)
      thor (>= 0.14.0, < 2)
    fingerprintjs-rails (0.5.5)
    fission (0.5.0)
      CFPropertyList (~> 2.2)
    fog (1.42.1)
      fog-aliyun (>= 0.1.0)
      fog-atmos
      fog-aws (>= 0.6.0)
      fog-brightbox (~> 0.4)
      fog-cloudatcost (~> 0.1.0)
      fog-core (~> 1.45)
      fog-digitalocean (>= 0.3.0)
      fog-dnsimple (~> 1.0)
      fog-dynect (~> 0.0.2)
      fog-ecloud (~> 0.1)
      fog-google (<= 0.1.0)
      fog-internet-archive
      fog-joyent
      fog-json
      fog-local
      fog-openstack
      fog-ovirt
      fog-powerdns (>= 0.1.1)
      fog-profitbricks
      fog-rackspace
      fog-radosgw (>= 0.0.2)
      fog-riakcs
      fog-sakuracloud (>= 0.0.4)
      fog-serverlove
      fog-softlayer
      fog-storm_on_demand
      fog-terremark
      fog-vmfusion
      fog-voxel
      fog-vsphere (>= 0.4.0)
      fog-xenserver
      fog-xml (~> 0.1.1)
      ipaddress (~> 0.5)
      json (~> 2.0)
    fog-aliyun (0.4.0)
      addressable (~> 2.8.0)
      aliyun-sdk (~> 0.8.0)
      fog-core
      fog-json
      ipaddress (~> 0.8)
      xml-simple (~> 1.1)
    fog-atmos (0.1.0)
      fog-core
      fog-xml
    fog-aws (2.0.1)
      fog-core (~> 1.38)
      fog-json (~> 1.0)
      fog-xml (~> 0.1)
      ipaddress (~> 0.8)
    fog-brightbox (0.16.1)
      dry-inflector
      fog-core
      fog-json
      mime-types
    fog-cloudatcost (0.1.2)
      fog-core (~> 1.36)
      fog-json (~> 1.0)
      fog-xml (~> 0.1)
      ipaddress (~> 0.8)
    fog-core (1.45.0)
      builder
      excon (~> 0.58)
      formatador (~> 0.2)
    fog-digitalocean (0.4.0)
      fog-core
      fog-json
      fog-xml
      ipaddress (>= 0.5)
    fog-dnsimple (1.0.0)
      fog-core (~> 1.38)
      fog-json (~> 1.0)
    fog-dynect (0.0.3)
      fog-core
      fog-json
      fog-xml
    fog-ecloud (0.3.0)
      fog-core
      fog-xml
    fog-google (0.1.0)
      fog-core
      fog-json
      fog-xml
    fog-internet-archive (0.0.2)
      fog-core
      fog-json
      fog-xml
    fog-joyent (0.0.1)
      fog-core (~> 1.42)
      fog-json (>= 1.0)
    fog-json (1.2.0)
      fog-core
      multi_json (~> 1.10)
    fog-local (0.8.0)
      fog-core (>= 1.27, < 3.0)
    fog-openstack (0.3.10)
      fog-core (>= 1.45, <= 2.1.0)
      fog-json (>= 1.0)
      ipaddress (>= 0.8)
    fog-ovirt (2.0.2)
      activesupport
      fog-core
      fog-json
      fog-xml
      ovirt-engine-sdk (>= 4.3.1)
    fog-powerdns (0.2.0)
      fog-core
      fog-json
      fog-xml
    fog-profitbricks (4.1.1)
      fog-core (~> 1.42)
      fog-json (~> 1.0)
    fog-rackspace (0.1.6)
      fog-core (>= 1.35)
      fog-json (>= 1.0)
      fog-xml (>= 0.1)
      ipaddress (>= 0.8)
    fog-radosgw (0.0.5)
      fog-core (>= 1.21.0)
      fog-json
      fog-xml (>= 0.0.1)
    fog-riakcs (0.1.0)
      fog-core
      fog-json
      fog-xml
    fog-sakuracloud (1.7.5)
      fog-core
      fog-json
    fog-serverlove (0.1.2)
      fog-core
      fog-json
    fog-softlayer (1.1.4)
      fog-core
      fog-json
    fog-storm_on_demand (0.1.1)
      fog-core
      fog-json
    fog-terremark (0.1.0)
      fog-core
      fog-xml
    fog-vmfusion (0.1.0)
      fission
      fog-core
    fog-voxel (0.1.0)
      fog-core
      fog-xml
    fog-vsphere (3.5.2)
      fog-core
      rbvmomi (>= 1.9, < 3)
    fog-xenserver (1.0.0)
      fog-core
      fog-xml
      xmlrpc
    fog-xml (0.1.4)
      fog-core
      nokogiri (>= 1.5.11, < 2.0.0)
    formatador (0.3.0)
    gelf (3.1.0)
      json
    geocoder (1.8.2)
    globalid (1.1.0)
      activesupport (>= 5.0)
    gyoku (1.4.0)
      builder (>= 2.1.2)
      rexml (~> 3.0)
    hash_diff (1.1.1)
    hashdiff (1.0.1)
    hashery (2.1.2)
    hashie (2.0.5)
    highline (2.1.0)
    hiredis (0.6.3)
    htmlentities (4.3.4)
    http-accept (1.7.0)
    http-cookie (1.0.5)
      domain_name (~> 0.5)
    httparty (0.21.0)
      mini_mime (>= 1.0.0)
      multi_xml (>= 0.5.2)
    httpclient (2.8.3)
    httpi (2.5.0)
      rack
      socksify
    i18n (1.14.1)
      concurrent-ruby (~> 1.0)
    image_processing (1.12.2)
      mini_magick (>= 4.9.5, < 5)
      ruby-vips (>= 2.0.17, < 3)
    intercom-rails (0.4.2)
      activesupport (> 3.0)
    ipaddress (0.8.3)
    jmespath (1.6.2)
    jquery-fileupload-rails (1.0.0)
      actionpack (>= 3.1)
      railties (>= 3.1)
      sassc
    jquery-rails (4.6.0)
      rails-dom-testing (>= 1, < 3)
      railties (>= 4.2.0)
      thor (>= 0.14, < 2.0)
    jquery-ui-rails (6.0.1)
      railties (>= 3.2.16)
    js_regex (3.11.0)
      character_set (~> 1.4)
      regexp_parser (>= 2.6.2, < 3.0.0)
      regexp_property_values (~> 1.0)
    json (2.6.3)
    jwt (2.7.1)
    launchy (2.5.2)
      addressable (~> 2.8)
    letter_opener (1.8.1)
      launchy (>= 2.2, < 3)
    letter_opener_web (1.4.1)
      actionmailer (>= 3.2)
      letter_opener (~> 1.0)
      railties (>= 3.2)
    libv8-node (15.14.0.1)
    libv8-node (15.14.0.1-x86_64-linux)
    listen (3.8.0)
      rb-fsevent (~> 0.10, >= 0.10.3)
      rb-inotify (~> 0.9, >= 0.9.10)
    little-plugger (1.1.4)
    logging (1.8.2)
      little-plugger (>= 1.1.3)
      multi_json (>= 1.8.4)
    logglier (0.5.0)
      multi_json (~> 1)
    lograge (0.14.0)
      actionpack (>= 4)
      activesupport (>= 4)
      railties (>= 4)
      request_store (~> 1.0)
    loofah (2.19.1)
      crass (~> 1.0.2)
      nokogiri (>= 1.5.9)
    mail (2.8.1)
      mini_mime (>= 0.1.1)
      net-imap
      net-pop
      net-smtp
    marcel (1.0.2)
    method_source (1.0.0)
    mime-types (3.5.1)
      mime-types-data (~> 3.2015)
    mime-types-data (3.2023.1003)
    mini_magick (4.12.0)
    mini_mime (1.1.5)
    mini_portile2 (2.1.0)
    mini_racer (0.4.0)
      libv8-node (~> 15.14.0.0)
    minitest (5.20.0)
    mocha (2.1.0)
      ruby2_keywords (>= 0.0.5)
    momentjs-rails (2.29.4.1)
      railties (>= 3.1)
    multi_json (1.15.0)
    multi_test (1.1.0)
    multi_xml (0.6.0)
    multipart-post (2.3.0)
    mustermann (3.0.0)
      ruby2_keywords (~> 0.0.1)
    mysql2 (0.5.5)
    net-imap (0.3.7)
      date
      net-protocol
    net-pop (0.1.2)
      net-protocol
    net-protocol (0.2.1)
      timeout
    net-scp (4.0.0)
      net-ssh (>= 2.6.5, < 8.0.0)
    net-sftp (2.1.2)
      net-ssh (>= 2.6.5)
    net-smtp (0.4.0)
      net-protocol
    net-ssh (2.9.4)
    net-ssh-gateway (1.3.0)
      net-ssh (>= 2.6.5)
    netrc (0.11.0)
    ng-rails-csrf (0.1.0)
    nio4r (2.5.9)
    nokogiri (1.6.8.1)
      mini_portile2 (~> 2.1.0)
    nori (2.6.0)
    oauth (0.6.2)
      snaky_hash (~> 2.0)
      version_gem (~> 1.1)
    oj (3.14.2)
    open4 (1.3.4)
    openssl (3.1.0)
    optimist (3.1.0)
    orm_adapter (0.5.0)
    ovirt-engine-sdk (4.4.1)
      json (>= 1, < 3)
    parallel (1.23.0)
    parallel_tests (2.29.2)
      parallel
    parser (3.2.2.4)
      ast (~> 2.4.1)
      racc
    pdf-core (0.9.0)
    pdf-reader (2.11.0)
      Ascii85 (~> 1.0)
      afm (~> 0.2.1)
      hashery (~> 2.0)
      ruby-rc4
      ttfunk
    pdftk (0.0.4)
      rails
    power_assert (2.0.3)
    prawn (2.4.0)
      pdf-core (~> 0.9.0)
      ttfunk (~> 1.7)
    protractor-rails (0.0.19)
      colorize
      railties
    proxies (0.2.3)
    pry (0.14.2)
      coderay (~> 1.1)
      method_source (~> 1.0)
    pry-rails (0.3.9)
      pry (>= 0.10.4)
    public_suffix (5.0.3)
    racc (1.7.1)
    rack (2.2.8)
    rack-cors (2.0.1)
      rack (>= 2.0.0)
    rack-protection (3.1.0)
      rack (~> 2.2, >= 2.2.4)
    rack-test (2.1.0)
      rack (>= 1.3)
    rails (5.2.6)
      actioncable (= 5.2.6)
      actionmailer (= 5.2.6)
      actionpack (= 5.2.6)
      actionview (= 5.2.6)
      activejob (= 5.2.6)
      activemodel (= 5.2.6)
      activerecord (= 5.2.6)
      activestorage (= 5.2.6)
      activesupport (= 5.2.6)
      bundler (>= 1.3.0)
      railties (= 5.2.6)
      sprockets-rails (>= 2.0.0)
    rails-dom-testing (2.2.0)
      activesupport (>= 5.0.0)
      minitest
      nokogiri (>= 1.6)
    rails-html-sanitizer (1.5.0)
      loofah (~> 2.19, >= 2.19.1)
    railties (5.2.6)
      actionpack (= 5.2.6)
      activesupport (= 5.2.6)
      method_source
      rake (>= 0.8.7)
      thor (>= 0.19.0, < 2.0)
    rainbow (3.1.1)
    rake (13.1.0)
    rash (0.4.0)
      hashie (~> 2.0.0)
    rb-fsevent (0.11.2)
    rb-inotify (0.10.1)
      ffi (~> 1.0)
    rbvmomi (2.4.1)
      builder (~> 3.0)
      json (>= 1.8)
      nokogiri (~> 1.5)
      optimist (~> 3.0)
    redis (4.8.1)
    redis-actionpack (5.0.2)
      actionpack (>= 4.0, < 6)
      redis-rack (>= 1, < 3)
      redis-store (>= 1.1.0, < 2)
    redis-activesupport (5.0.1)
      activesupport (>= 3, < 6)
      redis-store (~> 1.2.0)
    redis-rack (2.1.4)
      rack (>= 2.0.8, < 3)
      redis-store (>= 1.2, < 2)
    redis-rails (5.0.1)
      redis-actionpack (~> 5.0.0)
      redis-activesupport (~> 5.0.0)
      redis-store (~> 1.2.0)
    redis-session-store (0.11.4)
      actionpack (>= 3, < 8)
      redis (>= 3, < 5)
    redis-store (1.2.0)
      redis (>= 2.2)
    referer-parser (0.3.0)
    regexp_parser (2.8.2)
    regexp_property_values (1.4.0)
    request_store (1.5.1)
      rack (>= 1.4)
    responders (3.1.1)
      actionpack (>= 5.2)
      railties (>= 5.2)
    rest-client (2.1.0)
      http-accept (>= 1.7.0, < 2.0)
      http-cookie (>= 1.0.2, < 2.0)
      mime-types (>= 1.16, < 4.0)
      netrc (~> 0.8)
    rexml (3.2.6)
    rollbar (3.4.1)
    rouge (3.30.0)
    rspec-core (3.5.4)
      rspec-support (~> 3.5.0)
    rspec-expectations (3.5.0)
      diff-lcs (>= 1.2.0, < 2.0)
      rspec-support (~> 3.5.0)
    rspec-mocks (3.5.0)
      diff-lcs (>= 1.2.0, < 2.0)
      rspec-support (~> 3.5.0)
    rspec-rails (3.5.2)
      actionpack (>= 3.0)
      activesupport (>= 3.0)
      railties (>= 3.0)
      rspec-core (~> 3.5.0)
      rspec-expectations (~> 3.5.0)
      rspec-mocks (~> 3.5.0)
      rspec-support (~> 3.5.0)
    rspec-support (3.5.0)
    rspec_junit_formatter (0.4.1)
      rspec-core (>= 2, < 4, != 2.12.0)
    rubber (3.2.2)
      capistrano (~> 2.12)
      clamp
      fog (< 2.0)
      net-ssh (~> 2.6)
      thor
    rubocop (1.50.2)
      json (~> 2.3)
      parallel (~> 1.10)
      parser (>= 3.2.0.0)
      rainbow (>= 2.2.2, < 4.0)
      regexp_parser (>= 1.8, < 3.0)
      rexml (>= 3.2.5, < 4.0)
      rubocop-ast (>= 1.28.0, < 2.0)
      ruby-progressbar (~> 1.7)
      unicode-display_width (>= 2.4.0, < 3.0)
    rubocop-ast (1.30.0)
      parser (>= 3.2.1.0)
    rubocop-capybara (2.18.0)
      rubocop (~> 1.41)
    rubocop-performance (1.17.1)
      rubocop (>= 1.7.0, < 2.0)
      rubocop-ast (>= 0.4.0)
    rubocop-rspec (2.20.0)
      rubocop (~> 1.33)
      rubocop-capybara (~> 2.17)
    ruby-hmac (0.4.0)
    ruby-progressbar (1.13.0)
    ruby-rc4 (0.1.5)
    ruby-vips (2.2.0)
      ffi (~> 1.12)
    ruby2_keywords (0.0.5)
    ruby_odata (0.1.0)
      activesupport (>= 2.3.5)
      backports (~> 2.3.0)
      nokogiri (>= 1.4.2)
      rest-client (>= 1.5.1)
    rubyzip (2.3.2)
    s3 (0.3.29)
      addressable
      proxies
    safely_block (0.3.0)
      errbase (>= 0.1.1)
    sass (3.7.4)
      sass-listen (~> 4.0.0)
    sass-listen (4.0.0)
      rb-fsevent (~> 0.9, >= 0.9.4)
      rb-inotify (~> 0.9, >= 0.9.7)
    sass-rails (5.0.8)
      railties (>= 5.2.0)
      sass (~> 3.1)
      sprockets (>= 2.8, < 4.0)
      sprockets-rails (>= 2.0, < 4.0)
      tilt (>= 1.1, < 3)
    sassc (2.4.0)
      ffi (~> 1.9)
    savon (2.11.2)
      akami (~> 1.2)
      builder (>= 2.1.2)
      gyoku (~> 1.2)
      httpi (~> 2.3)
      nokogiri (>= 1.4.0)
      nori (~> 2.4)
      wasabi (~> 3.4)
    scout_apm (5.3.5)
      parser
    securerandom (0.2.2)
    shipping_easy (0.7.1)
      faraday (>= 0.8.7)
      faraday_middleware (>= 0.9.2)
      json (>= 2.3.0)
      rack (>= 1.4.5)
    shopify_api (12.5.0)
      activesupport
      concurrent-ruby
      hash_diff
      httparty
      jwt
      oj
      openssl
      securerandom
      sorbet-runtime
      zeitwerk (~> 2.5, < 2.6.5)
    simple_form (4.0.0)
      actionpack (> 4)
      activemodel (> 4)
    simplecov (0.13.0)
      docile (~> 1.1.0)
      json (>= 1.8, < 3)
      simplecov-html (~> 0.10.0)
    simplecov-html (0.10.2)
    sinatra (3.1.0)
      mustermann (~> 3.0)
      rack (~> 2.2, >= 2.2.4)
      rack-protection (= 3.1.0)
      tilt (~> 2.0)
    snaky_hash (2.0.1)
      hashie
      version_gem (~> 1.1, >= 1.1.1)
    socksify (1.7.1)
    sorbet-runtime (0.5.10461)
    spring (3.1.1)
    spring-commands-rspec (1.0.4)
      spring (>= 0.9.1)
    sprockets (3.7.2)
      concurrent-ruby (~> 1.0)
      rack (> 1, < 3)
    sprockets-rails (3.4.2)
      actionpack (>= 5.2)
      activesupport (>= 5.2)
      sprockets (>= 3.0.0)
    ssrf_filter (1.1.2)
    stripe (10.0.0)
    sys-uname (1.2.3)
      ffi (~> 1.1)
    terser (1.1.19)
      execjs (>= 0.3.0, < 3)
    test-unit (3.6.1)
      power_assert
    thor (1.3.0)
    thread_safe (0.3.6)
    tilt (2.3.0)
    timeout (0.4.0)
    ttfunk (1.7.0)
    tzinfo (1.2.11)
      thread_safe (~> 0.1)
    unf (0.1.4)
      unf_ext
    unf_ext (0.0.7.7)
    unicode-display_width (2.5.0)
    uniform_notifier (1.16.0)
    user_agent_parser (2.16.0)
    vcr (6.1.0)
    version_gem (1.1.3)
    wannabe_bool (0.7.1)
    warden (1.2.9)
      rack (>= 2.0.9)
    wasabi (3.7.0)
      addressable
      httpi (~> 2.0)
      nokogiri (>= 1.4.2)
    webmock (3.19.1)
      addressable (>= 2.8.0)
      crack (>= 0.3.2)
      hashdiff (>= 0.4.0, < 2.0.0)
    webrick (1.3.1)
    websocket-driver (0.7.6)
      websocket-extensions (>= 0.1.0)
    websocket-extensions (0.1.5)
    whenever (1.0.0)
      chronic (>= 0.6.3)
    wicked_pdf (2.7.0)
      activesupport
    wkhtmltopdf-binary (0.12.6.6)
    xml-simple (1.1.9)
      rexml
    xmlrpc (0.3.3)
      webrick
    xpath (2.1.0)
      nokogiri (~> 1.3)
    zeitwerk (2.6.4)

PLATFORMS
  ruby
  x86_64-linux

DEPENDENCIES
  activerecord-import (= 0.26.0)
  ahoy_matey (~> 2.2.0)
  angular-ui-bootstrap-rails
  angularjs-rails (>= 1.2.18)
  apartment!
  appsignal
  aws-sdk (~> 2)
  aws_cf_signer
  barby
  better_errors (>= 0.2.0)
  binding_of_caller (>= 0.6.8)
  bullet
  byebug
  capybara (>= 2.0.1)
  carrierwave_direct
  chunky_png
  clamp
  client_side_validations
  client_side_validations-simple_form (~> 6.8.0)
  codeclimate-test-reporter
  country_select (~> 1.2.0)
  cucumber-rails (>= 1.3.0)
  daemons
  database_cleaner (>= 0.9.1)
  delayed_job_active_record (~> 4.1.2)
  delayed_job_web
  devise
  doorkeeper (~> 5.0.0)
  dotenv-rails
  ebay (= 1.1)!
  email_spec (>= 1.4.0)
  excon
  factory_bot_rails
  figaro (>= 0.5.0)
  fingerprintjs-rails
  fog (~> 1.42.0)
  gelf
  hiredis
  intercom-rails
  jquery-fileupload-rails
  jquery-rails
  jquery-ui-rails
  launchy (>= 2.1.2)
  letter_opener_web
  listen
  logglier
  lograge
  loofah (~> 2.19.1)
  mini_racer (~> 0.4.0)
  mocha
  momentjs-rails
  multi_xml
  mws-connect (~> 0.0.7)!
  mysql2
  ng-rails-csrf
  oauth
  open4
  parallel_tests (~> 2.29.1)
  pdf-reader
  pdftk
  prawn
  protractor-rails
  pry
  pry-rails
  rack-cors
  rails (= 5.2.6)
  redis-rails (= 5.0.1)
  redis-session-store
  rollbar
  rspec-rails (~> 3.5.0)
  rspec_junit_formatter (~> 0.4.0.pre2)
  rubber
  rubocop
  rubocop-performance
  rubocop-rspec
  ruby-mws!
  ruby_odata
  rubyzip
  s3
  sass-rails (~> 5.0.7)
  savon
  scout_apm
  shipping_easy (= 0.7.1)
  shopify_api (~> 12.2)
  simple_form (= 4.0.0)
  soap2r!
  spring-commands-rspec
  stripe (>= 1.57.1)
  terser (~> 1.1)
  test-unit
  unf_ext (= 0.0.7.7)
  vcr
  wannabe_bool
  webmock
  webrick (~> 1.3.1)
  whenever
  wicked_pdf (>= 0.11)
  wkhtmltopdf-binary

BUNDLED WITH
   1.17.3
